GIT
  remote: https://github.com/dpmccabe/foundation
  revision: a3bacd539f4c6581539562ba559c25337886e2a5
  branch: bundled-v.5.0.2
  specs:
    zurb-foundation (5.0.2)
      sass (>= 3.2.0)

GIT
  remote: https://github.com/matthodan/jekyll-asset-pipeline
  revision: b8c6e246aeefb649956ba2c0fa0bd9be38b64453
  specs:
    jekyll-asset-pipeline (0.1.5)
      jekyll (>= 0.12)
      liquid (~> 2.4)

GEM
  remote: https://rubygems.org/
  specs:
    chunky_png (1.2.9)
    classifier (1.3.4)
      fast-stemmer (>= 1.0.0)
    colorator (0.1)
    commander (4.1.5)
      highline (~> 1.6.11)
    compass (0.12.2)
      chunky_png (~> 1.2)
      fssm (>= 0.2.7)
      sass (~> 3.1)
    directory_watcher (1.4.1)
    fast-stemmer (1.0.2)
    fssm (0.2.10)
    highline (1.6.20)
    jekyll (1.1.1)
      classifier (~> 1.3)
      colorator (~> 0.1)
      commander (~> 4.1.3)
      directory_watcher (~> 1.4.1)
      kramdown (~> 1.0.2)
      liquid (~> 2.3)
      maruku (~> 0.5)
      pygments.rb (~> 0.5.0)
      redcarpet (~> 2.2.2)
      safe_yaml (~> 0.7.0)
    kramdown (1.0.2)
    liquid (2.6.0)
    maruku (0.7.0)
    posix-spawn (0.3.8)
    powder (0.2.0)
      thor (>= 0.11.5)
    pygments.rb (0.5.4)
      posix-spawn (~> 0.3.6)
      yajl-ruby (~> 1.1.0)
    rack (1.5.2)
    rack-jekyll (0.4.1)
      jekyll (>= 0.12.0, < 2.0)
      rack (~> 1.5.0)
    redcarpet (2.2.2)
    safe_yaml (0.7.1)
    sass (3.2.13)
    thor (0.18.1)
    yajl-ruby (1.1.0)
    yui-compressor (0.12.0)

PLATFORMS
  ruby

DEPENDENCIES
  compass
  jekyll-asset-pipeline!
  liquid
  powder
  rack-jekyll
  yui-compressor
  zurb-foundation!
